GIT
  remote: git://github.com/plataformatec/has_scope.git
  revision: b9cee9e1301a7b6e16db6ec78e01dc4bfbc68faf
  specs:
    has_scope (0.5.1)

GEM
  remote: http://rubygems.org/
  specs:
    actionmailer (3.1.3)
      actionpack (= 3.1.3)
      mail (~> 2.3.0)
    actionpack (3.1.3)
      activemodel (= 3.1.3)
      activesupport (= 3.1.3)
      builder (~> 3.0.0)
      erubis (~> 2.7.0)
      i18n (~> 0.6)
      rack (~> 1.3.5)
      rack-cache (~> 1.1)
      rack-mount (~> 0.8.2)
      rack-test (~> 0.6.1)
      sprockets (~> 2.0.3)
    activemodel (3.1.3)
      activesupport (= 3.1.3)
      builder (~> 3.0.0)
      i18n (~> 0.6)
    activerecord (3.1.3)
      activemodel (= 3.1.3)
      activesupport (= 3.1.3)
      arel (~> 2.2.1)
      tzinfo (~> 0.3.29)
    activeresource (3.1.3)
      activemodel (= 3.1.3)
      activesupport (= 3.1.3)
    activesupport (3.1.3)
      multi_json (~> 1.0)
    addressable (2.2.6)
    arel (2.2.1)
    builder (3.0.0)
    capybara (1.1.2)
      mime-types (>= 1.16)
      nokogiri (>= 1.3.3)
      rack (>= 1.0.0)
      rack-test (>= 0.5.4)
      selenium-webdriver (~> 2.0)
      xpath (~> 0.1.4)
    capybara-webkit (0.7.2)
      capybara (>= 1.0.0, < 1.2)
    carrierwave (0.5.7)
      activesupport (~> 3.0)
    childprocess (0.3.0)
      ffi (~> 1.0.6)
    chunky_png (1.2.4)
    coderay (1.0.0)
    compass (0.12.alpha.0)
      chunky_png (~> 1.2)
      fssm (>= 0.2.7)
      sass (~> 3.1)
    css-bootstrap-rails (0.0.6)
      railties (~> 3.1)
      thor (~> 0.14)
    cucumber (1.1.4)
      builder (>= 2.1.2)
      diff-lcs (>= 1.1.2)
      gherkin (~> 2.7.1)
      json (>= 1.4.6)
      term-ansicolor (>= 1.0.6)
    cucumber-rails (1.2.1)
      capybara (>= 1.1.2)
      cucumber (>= 1.1.3)
      nokogiri (>= 1.5.0)
    database_cleaner (0.6.7)
    diff-lcs (1.1.3)
    erubis (2.7.0)
    excon (0.7.12)
    execjs (1.2.8)
      multi_json (~> 1.0)
    fancybox-rails (0.1.4)
      railties (>= 3.1.0)
    ffi (1.0.11)
    fog (1.1.1)
      builder
      excon (~> 0.7.4)
      formatador (~> 0.2.0)
      mime-types
      multi_json (~> 1.0.3)
      net-scp (~> 1.0.4)
      net-ssh (>= 2.1.3)
      nokogiri (~> 1.5.0)
      ruby-hmac
    foreman (0.22.0)
      term-ansicolor (~> 1.0.5)
      thor (>= 0.13.6)
    formalize-rails (0.0.4)
      railties (~> 3.1.0.rc1)
    formatador (0.2.1)
    friendly_id (4.0.0)
    fssm (0.2.7)
    gherkin (2.7.4)
      json (>= 1.4.6)
    globalize3 (0.1.0)
      activemodel (>= 3.0.0)
      activerecord (>= 3.0.0)
    growl (1.0.3)
    guard (0.7.0)
      thor (~> 0.14.6)
    guard-cucumber (0.6.3)
      cucumber (>= 0.10)
      guard (>= 0.4.0)
    guard-minitest (0.4.0)
      guard (~> 0.4)
    guard-shell (0.1.1)
      guard (>= 0.2.0)
    high_voltage (1.0.1)
    hike (1.2.1)
    i18n (0.6.0)
    inherited_resources (1.3.0)
      has_scope (~> 0.5.0)
      responders (~> 0.6.0)
    jcrop-rails (1.0.2)
      railties (~> 3.0)
      thor (~> 0.14)
    jquery-rails (1.0.14)
      railties (~> 3.0)
      thor (~> 0.14)
    json (1.6.5)
    kaminari (0.14.1)
      actionpack (>= 3.0.0)
      activesupport (>= 3.0.0)
    kgio (2.6.0)
    launchy (2.0.5)
      addressable (~> 2.2.6)
    machinist (2.0)
    mail (2.3.0)
      i18n (>= 0.4.0)
      mime-types (~> 1.16)
      treetop (~> 1.4.8)
    mail_form (1.3.0)
    masonry-rails (0.1.8)
      rails
    metaclass (0.0.1)
    method_source (0.6.5)
      ruby_parser (>= 2.0.5)
    mime-types (1.17.2)
    mini_magick (3.3)
      subexec (~> 0.1.0)
    minitest (2.6.0)
    mocha (0.10.0)
      metaclass (~> 0.0.1)
    multi_json (1.0.4)
    net-scp (1.0.4)
      net-ssh (>= 1.99.1)
    net-ssh (2.2.1)
    newrelic_rpm (3.3.0)
    nokogiri (1.5.0)
    pg (0.12.0)
      rake-compiler (~> 0.7)
    polyglot (0.3.3)
    pry (0.9.6)
      coderay (>= 0.9.8)
      method_source (>= 0.6.5)
      ruby_parser (>= 2.0.5)
      slop (~> 2.1.0)
    rack (1.3.6)
    rack-cache (1.1)
      rack (>= 0.4)
    rack-mount (0.8.3)
      rack (>= 1.0.0)
    rack-ssl (1.3.2)
      rack
    rack-test (0.6.1)
      rack (>= 1.0)
    rack-webconsole (0.1.2)
      json
      rack
    rails (3.1.3)
      actionmailer (= 3.1.3)
      actionpack (= 3.1.3)
      activerecord (= 3.1.3)
      activeresource (= 3.1.3)
      activesupport (= 3.1.3)
      bundler (~> 1.0)
      railties (= 3.1.3)
    railties (3.1.3)
      actionpack (= 3.1.3)
      activesupport (= 3.1.3)
      rack-ssl (~> 1.3.2)
      rake (>= 0.8.7)
      rdoc (~> 3.4)
      thor (~> 0.14.6)
    raindrops (0.7.0)
    rake (0.9.2.2)
    rake-compiler (0.7.9)
      rake
    rdoc (3.12)
      json (~> 1.4)
    responders (0.6.4)
    ruby-hmac (0.4.0)
    ruby_parser (2.3.1)
      sexp_processor (~> 3.0)
    rubyzip (0.9.5)
    sass (3.1.7)
    sass-rails (3.1.2)
      actionpack (~> 3.1.0)
      railties (~> 3.1.0)
      sass (>= 3.1.4)
      sprockets (~> 2.0.0)
      tilt (~> 1.3.2)
    selenium-webdriver (2.17.0)
      childprocess (>= 0.2.5)
      ffi (~> 1.0.9)
      multi_json (~> 1.0.4)
      rubyzip
    sexp_processor (3.0.7)
    simple-navigation (3.6.0)
      activesupport (>= 2.3.2)
    simple_form (1.5.1)
      actionpack (~> 3.0)
      activemodel (~> 3.0)
    simplecov (0.5.3)
      multi_json (~> 1.0.3)
      simplecov-html (~> 0.5.3)
    simplecov-html (0.5.3)
    slim (1.0.2)
      temple (~> 0.3.3)
      tilt (~> 1.3.2)
    slop (2.1.0)
    sprockets (2.0.3)
      hike (~> 1.2)
      rack (~> 1.0)
      tilt (~> 1.1, != 1.3.0)
    sqlite3 (1.3.4)
    subexec (0.1.0)
    temple (0.3.4)
    term-ansicolor (1.0.7)
    thor (0.14.6)
    tilt (1.3.3)
    treetop (1.4.10)
      polyglot
      polyglot (>= 0.3.1)
    twitter_bootstrap_form_for (1.0.3)
      actionpack (~> 3)
      railties (~> 3)
    tzinfo (0.3.31)
    uglifier (1.0.3)
      execjs (>= 0.3.0)
      multi_json (>= 1.0.2)
    unicorn (4.1.1)
      kgio (~> 2.4)
      rack
      raindrops (~> 0.6)
    xpath (0.1.4)
      nokogiri (~> 1.3)

PLATFORMS
  ruby

DEPENDENCIES
  capybara
  capybara-webkit
  carrierwave
  compass (~> 0.12.alpha)
  css-bootstrap-rails
  cucumber-rails
  database_cleaner
  fancybox-rails
  fog
  foreman
  formalize-rails
  friendly_id
  globalize3
  growl
  guard
  guard-cucumber
  guard-minitest
  guard-shell
  has_scope!
  high_voltage
  inherited_resources
  jcrop-rails
  jquery-rails
  kaminari
  launchy
  machinist
  mail_form
  masonry-rails
  mini_magick
  minitest
  mocha
  newrelic_rpm
  pg
  pry
  rack-webconsole
  rails (~> 3.1.0)
  responders
  sass-rails (~> 3.1.0)
  simple-navigation
  simple_form
  simplecov
  slim
  sqlite3
  twitter_bootstrap_form_for
  uglifier
  unicorn
